GEM
  remote: https://rubygems.org/
  specs:
    pg (1.3.5)

PLATFORMS
  ruby

DEPENDENCIES
  pg

BUNDLED WITH
   1.17.3
